GEM
  remote: https://rubygems.org/
  specs:
    ethon (0.16.0)
      ffi (>= 1.15.0)
    ffi (1.15.5)
    haml (6.1.1)
      temple (>= 0.8.2)
      thor
      tilt
    nokogiri (1.14.2-x86_64-linux)
      racc (~> 1.4)
    racc (1.6.2)
    rouge (4.1.0)
    sassc (2.4.0)
      ffi (~> 1.9)
    temple (0.10.0)
    thor (1.2.1)
    tilt (2.1.0)
    typhoeus (1.4.0)
      ethon (>= 0.9.0)

PLATFORMS
  x86_64-linux

DEPENDENCIES
  haml (~> 6)
  nokogiri (~> 1)
  rouge (~> 4.1)
  sassc (~> 2)
  typhoeus (~> 1.4)

BUNDLED WITH
   2.4.6
