GEM
  remote: https://rubygems.org/
  specs:
    bigdecimal (3.1.8)
    concurrent-ruby (1.3.4)
    google-protobuf (4.28.3)
      bigdecimal
      rake (>= 13)
    haml (6.3.0)
      temple (>= 0.8.2)
      thor
      tilt
    mini_portile2 (2.8.7)
    nokogiri (1.16.7)
      mini_portile2 (~> 2.8.2)
      racc (~> 1.4)
    racc (1.8.1)
    rake (13.2.1)
    redcarpet (3.6.0)
    rouge (4.4.0)
    sass-embedded (1.80.6)
      google-protobuf (~> 4.28)
      rake (>= 13)
    temple (0.10.3)
    thor (1.3.2)
    tilt (2.4.0)

PLATFORMS
  ruby

DEPENDENCIES
  concurrent-ruby (~> 1.2)
  haml (~> 6)
  nokogiri (~> 1)
  redcarpet (~> 3.6)
  rouge (~> 4.1)
  sass-embedded (~> 1)

BUNDLED WITH
   2.5.16
